GEM
  remote: https://rubygems.org/
  specs:
    coderay (1.1.0)
    method_source (0.8.2)
    pry (0.10.1)
      coderay (~> 1.1.0)
      method_source (~> 0.8.1)
      slop (~> 3.4)
    puma (2.10.2)
      rack (>= 1.1, < 2.0)
    rack (1.6.0)
    rack-protection (1.5.3)
      rack
    rack-rewrite (1.5.1)
    rake (10.4.2)
    sinatra (1.4.5)
      rack (~> 1.4)
      rack-protection (~> 1.4)
      tilt (~> 1.3, >= 1.3.4)
    sinatra-param (1.2.2)
      sinatra (~> 1.3)
    slop (3.6.0)
    tilt (1.4.1)

PLATFORMS
  ruby

DEPENDENCIES
  pry
  puma
  rack-rewrite
  rake
  sinatra
  sinatra-param
